PATH
  remote: .
  specs:
    blockchain-ruby (1.0.0)
      bitcoin-money (~> 0.5.1)
      monetize (~> 0.3.0)
      money (~> 6.1.1)

GEM
  remote: https://rubygems.org/
  specs:
    bitcoin-money (0.5.1)
    diff-lcs (1.2.5)
    fakeweb (1.3.0)
    i18n (0.6.11)
    monetize (0.3.0)
      money (~> 6.1.0.beta1)
    money (6.1.1)
      i18n (~> 0.6.4)
    rake (10.3.2)
    rspec (3.0.0)
      rspec-core (~> 3.0.0)
      rspec-expectations (~> 3.0.0)
      rspec-mocks (~> 3.0.0)
    rspec-core (3.0.1)
      rspec-support (~> 3.0.0)
    rspec-expectations (3.0.1)
      diff-lcs (>= 1.2.0, < 2.0)
      rspec-support (~> 3.0.0)
    rspec-mocks (3.0.1)
      rspec-support (~> 3.0.0)
    rspec-support (3.0.0)

PLATFORMS
  ruby

DEPENDENCIES
  blockchain-ruby!
  fakeweb (~> 1.3.0)
  rake
  rspec (~> 3.0.0)
